GEM
  remote: https://rubygems.org/
  specs:
    actionmailer (2.3.14)
      actionpack (= 2.3.14)
    actionpack (2.3.14)
      activesupport (= 2.3.14)
      rack (~> 1.1.0)
    activerecord (2.3.14)
      activesupport (= 2.3.14)
    activeresource (2.3.14)
      activesupport (= 2.3.14)
    activesupport (2.3.14)
    bcrypt (3.1.7)
    bcrypt-ruby (3.1.5)
      bcrypt (>= 3.1.3)
    facter (1.7.5)
    hiera (1.3.2)
      json_pure
    highline (1.6.21)
    json_pure (1.8.1)
    moneta (0.7.20)
    puppet (3.4.3)
      facter (~> 1.6)
      hiera (~> 1.0)
      rgen (~> 0.6.5)
    rack (1.1.6)
    rails (2.3.14)
      actionmailer (= 2.3.14)
      actionpack (= 2.3.14)
      activerecord (= 2.3.14)
      activeresource (= 2.3.14)
      activesupport (= 2.3.14)
      rake (>= 0.8.3)
    rake (10.3.1)
    rgen (0.6.6)
    trocla (0.0.9)
      bcrypt-ruby
      highline
      moneta (~> 0.7.2)

PLATFORMS
  ruby

DEPENDENCIES
  activerecord (= 2.3.14)
  hiera
  puppet (= 3.4.3)
  rails (= 2.3.14)
  trocla
